{
	"Modality": "MR",
	"MagneticFieldStrength": 6.98,
	"ImagingFrequency": 297.23,
	"Manufacturer": "Siemens",
	"ManufacturersModelName": "Investigational_Device_7T",
	"InstitutionName": "Robarts_Reserch_Institute",
	"InstitutionalDepartmentName": "Department",
	"InstitutionAddress": "Richmond_Street_North_1151_London_409EF2_Ontario_CA_N6A_5B7",
	"DeviceSerialNumber": "18932",
	"StationName": "MASTER",
	"SeriesInstanceUID": "1.3.12.2.1107.5.2.34.18932.2018100116130467516598401.0.0.0",
	"SoftwareVersions": "syngo_MR_B17",
	"MRAcquisitionType": "2D",
	"SeriesDescription": "gre_field_mapping",
	"ProtocolName": "gre_field_mapping",
	"ScanningSequence": "GR",
	"SequenceVariant": "SP",
	"ScanOptions": "PFP",
	"SequenceName": "fm2d2r",
	"ImageType": ["ORIGINAL", "PRIMARY", "P", "ND", "PHASE"],
	"SliceThickness": 2.5,
	"SpacingBetweenSlices": 2.5,
	"EchoNumber": 1,
	"EchoTime": 0.00408,
	"RepetitionTime": 0.475,
	"FlipAngle": 35,
	"PartialFourier": 0.75,
	"BaseResolution": 168,
	"TxRefAmp": 124,
	"PhaseResolution": 0.5,
	"ReceiveCoilName": "CFMM_8Tx32Rx",
	"CoilString": "C:E1_2",
	"PulseSequenceDetails": "%SiemensSeq%_gre_field_mapping",
	"MultibandAccelerationFactor": 2,
	"PercentPhaseFOV": 100,
	"PercentSampling": 50,
	"PhaseEncodingSteps": 63,
	"AcquisitionMatrixPE": 84,
	"ReconMatrixPE": 168,
	"PixelBandwidth": 607,
	"DwellTime": 4.9e-06,
	"PhaseEncodingDirection": "i",
	"SliceTiming": [
		0.25,
		0,
		0.25,
		0.01562,
		0.26562,
		0.01562,
		0.26562,
		0.03125,
		0.28125,
		0.03125,
		0.28125,
		0.04688,
		0.29688,
		0.04688,
		0.29688,
		0.0625,
		0.3125,
		0.0625,
		0.3125,
		0.07812,
		0.3125,
		0.07812,
		0.32812,
		0.09375,
		0.32812,
		0.09375,
		0.34375,
		0.10938,
		0.34375,
		0.10938,
		0.35938,
		0.125,
		0.35938,
		0.125,
		0.375,
		0.14062,
		0.375,
		0.14062,
		0.39062,
		0.15625,
		0.39062,
		0.15625,
		0.40625,
		0.17188,
		0.40625,
		0.17188,
		0.42188,
		0.1875,
		0.42188,
		0.1875,
		0.4375,
		0.1875,
		0.4375,
		0.20312,
		0.45312,
		0.20312,
		0.45312,
		0.21875,
		0.46875,
		0.21875,
		0.46875,
		0.23438,
		0.48438,
		0.23438	],
	"ImageOrientationPatientDICOM": [
		1,
		-2.05103e-10,
		0,
		2.05103e-10,
		1,
		0	],
	"InPlanePhaseEncodingDirectionDICOM": "ROW",
	"ConversionSoftware": "dcm2niix",
	"ConversionSoftwareVersion": "v1.0.20200331"
}
